PATH
  remote: .
  specs:
    minitest-mock_expectations (1.1.1)

GEM
  remote: https://rubygems.org/
  specs:
    minitest (5.11.3)
    rake (10.5.0)

PLATFORMS
  ruby

DEPENDENCIES
  bundler
  minitest
  minitest-mock_expectations!
  rake

BUNDLED WITH
   2.0.1
