PATH
  remote: .
  specs:
    minitest-mock_expectations (1.1.3)

GEM
  remote: https://rubygems.org/
  specs:
    minitest (5.17.0)
    rake (13.0.6)

PLATFORMS
  ruby

DEPENDENCIES
  bundler
  minitest
  minitest-mock_expectations!
  rake

BUNDLED WITH
   2.4.3
