PATH
  remote: .
  specs:
    minitest-mock_expectations (1.1.2)

GEM
  remote: https://rubygems.org/
  specs:
    minitest (5.11.3)
    rake (12.3.3)

PLATFORMS
  ruby

DEPENDENCIES
  bundler
  minitest
  minitest-mock_expectations!
  rake

BUNDLED WITH
   2.1.2
