PATH
  remote: .
  specs:
    minitest-mock_expectations (1.1.0)

GEM
  remote: https://rubygems.org/
  specs:
    minitest (5.11.3)
    rake (10.5.0)

PLATFORMS
  ruby

DEPENDENCIES
  bundler (~> 1.16)
  minitest (~> 5.0)
  minitest-mock_expectations!
  rake (~> 10.0)

BUNDLED WITH
   1.17.2
